GEM
  remote: https://rubygems.org/
  specs:
    cog-rb (0.4.4)
      rake (~> 11.2)
    rake (11.3.0)

PLATFORMS
  ruby

DEPENDENCIES
  cog-rb (= 0.4.4)

RUBY VERSION
   ruby 2.3.3p222

BUNDLED WITH
   1.13.6
